GEM
  remote: http://rubygems.org/
  specs:
    rake (10.0.4)
    rb-fsevent (0.9.1)
    sass (3.2.5)

PLATFORMS
  ruby

DEPENDENCIES
  rake
  rb-fsevent
  sass (~> 3.2)
